RESTRICTION: == net461
NUGET
  remote: https://www.nuget.org/api/v2
    Chessie (0.6)
      FSharp.Core
    Dapper (1.50.2)
    EntityFramework (6.1.3)
    FSharp.Core (4.2.3)
    FSharp.Data.TypeProviders (5.0.0.2)
      FSharp.Core (>= 3.1.2.5)
    System.Data.SQLite (1.0.105.2)
      System.Data.SQLite.Core (>= 1.0.105.2)
      System.Data.SQLite.EF6 (>= 1.0.105.2)
      System.Data.SQLite.Linq (>= 1.0.105.2)
    System.Data.SQLite.Core (1.0.105.2)
    System.Data.SQLite.EF6 (1.0.105.2)
      EntityFramework (>= 6.0)
    System.Data.SQLite.Linq (1.0.105.2)
    System.ValueTuple (4.4)
